GEM
  remote: https://rubygems.org/
  specs:
    dream_cheeky (0.3.1)
      pkg-config
    go_cd_feed (1.1.1)
      nokogiri
    highline (1.6.21)
    httparty (0.13.1)
      json (~> 1.8)
      multi_xml (>= 0.5.2)
    json (1.8.1)
    last_green_go_pipeline (1.1.2)
      go_cd_feed (~> 1.1)
    mini_portile (0.6.0)
    multi_xml (0.5.5)
    nokogiri (1.6.2.1)
      mini_portile (= 0.6.0)
    pkg-config (1.1.5)

PLATFORMS
  ruby

DEPENDENCIES
  dream_cheeky
  highline
  httparty
  last_green_go_pipeline
