GEM
  remote: https://rubygems.org/
  specs:
    diff-lcs (1.2.5)
    dream_cheeky (0.3.1)
      pkg-config
    go_cd_feed (1.1.2)
      nokogiri
    highline (1.6.21)
    httparty (0.13.1)
      json (~> 1.8)
      multi_xml (>= 0.5.2)
    json (1.8.1)
    last_green_go_pipeline (1.2.5)
      go_cd_feed (~> 1.1)
    mini_portile (0.6.0)
    multi_xml (0.5.5)
    nokogiri (1.6.3.1)
      mini_portile (= 0.6.0)
    pkg-config (1.1.5)
    rspec (3.0.0)
      rspec-core (~> 3.0.0)
      rspec-expectations (~> 3.0.0)
      rspec-mocks (~> 3.0.0)
    rspec-core (3.0.3)
      rspec-support (~> 3.0.0)
    rspec-expectations (3.0.3)
      diff-lcs (>= 1.2.0, < 2.0)
      rspec-support (~> 3.0.0)
    rspec-mocks (3.0.3)
      rspec-support (~> 3.0.0)
    rspec-support (3.0.3)

PLATFORMS
  ruby

DEPENDENCIES
  dream_cheeky
  highline
  httparty
  last_green_go_pipeline
  rspec
