GEM
  remote: https://rubygems.org/
  specs:
    dream_cheeky (0.3.1)
      pkg-config
    highline (1.6.21)
    httparty (0.9.0)
      multi_json (~> 1.0)
      multi_xml
    multi_json (1.10.1)
    multi_xml (0.5.1)
    pkg-config (1.1.5)

PLATFORMS
  ruby

DEPENDENCIES
  dream_cheeky
  highline
  httparty
