GEM
  remote: https://rubygems.org/
  specs:
    diff-lcs (1.2.5)
    dream_cheeky (0.3.1)
      pkg-config
    highline (1.6.21)
    httparty (0.13.1)
      json (~> 1.8)
      multi_xml (>= 0.5.2)
    json (1.8.1)
    last_green_go_pipeline (1.1.3)
    multi_xml (0.5.5)
    pkg-config (1.1.5)
    rspec (2.14.1)
      rspec-core (~> 2.14.0)
      rspec-expectations (~> 2.14.0)
      rspec-mocks (~> 2.14.0)
    rspec-core (2.14.7)
    rspec-expectations (2.14.4)
      diff-lcs (>= 1.1.3, < 2.0)
    rspec-mocks (2.14.4)

PLATFORMS
  ruby

DEPENDENCIES
  dream_cheeky
  highline
  httparty
  last_green_go_pipeline
  rspec
